PATH
  remote: .
  specs:
    stepdown (1.1.0)
      bundler (~> 1.0)
      gherkin (~> 2.3)

GEM
  remote: https://rubygems.org/
  specs:
    bump (0.5.0)
    coderay (1.1.0)
    diff-lcs (1.2.5)
    gherkin (2.12.2)
      multi_json (~> 1.3)
    method_source (0.8.1)
    multi_json (1.10.1)
    pry (0.10.1)
      coderay (~> 1.1.0)
      method_source (~> 0.8.1)
      slop (~> 3.4)
    rake (10.3.2)
    rspec (3.5.0)
      rspec-core (~> 3.5.0)
      rspec-expectations (~> 3.5.0)
      rspec-mocks (~> 3.5.0)
    rspec-core (3.5.4)
      rspec-support (~> 3.5.0)
    rspec-expectations (3.5.0)
      diff-lcs (>= 1.2.0, < 2.0)
      rspec-support (~> 3.5.0)
    rspec-mocks (3.5.0)
      diff-lcs (>= 1.2.0, < 2.0)
      rspec-support (~> 3.5.0)
    rspec-support (3.5.0)
    sass (3.2.5)
    slop (3.4.7)

PLATFORMS
  ruby

DEPENDENCIES
  bump (~> 0.5)
  pry (~> 0.10)
  rake (~> 10.0)
  rspec (~> 3.4)
  sass (~> 3.1)
  stepdown!

BUNDLED WITH
   1.12.5
